GEM
  remote: https://rubygems.org/
  specs:
    coderay (1.1.2)
    elasticsearch (6.0.0)
      elasticsearch-api (= 6.0.0)
      elasticsearch-transport (= 6.0.0)
    elasticsearch-api (6.0.0)
      multi_json
    elasticsearch-transport (6.0.0)
      faraday
      multi_json
    faraday (0.13.1)
      multipart-post (>= 1.2, < 3)
    method_source (0.9.0)
    multi_json (1.12.2)
    multipart-post (2.0.0)
    pry (0.11.3)
      coderay (~> 1.1.0)
      method_source (~> 0.9.0)
    rake (12.0.0)
    ruby-progressbar (1.9.0)

PLATFORMS
  ruby

DEPENDENCIES
  elasticsearch
  pry
  rake
  ruby-progressbar

BUNDLED WITH
   1.16.0
